GEM
  remote: https://rubygems.org/
  specs:
    diff-lcs (1.2.5)
    rake (10.3.2)
    rake-compiler (0.9.3)
      rake
    rspec (2.14.1)
      rspec-core (~> 2.14.0)
      rspec-expectations (~> 2.14.0)
      rspec-mocks (~> 2.14.0)
    rspec-core (2.14.8)
    rspec-expectations (2.14.5)
      diff-lcs (>= 1.1.3, < 2.0)
    rspec-mocks (2.14.6)
    rubygems-tasks (0.2.4)

PLATFORMS
  java

DEPENDENCIES
  rake (~> 10.1)
  rake-compiler (~> 0.9.2)
  rspec (~> 2.14.1)
  rubygems-tasks (~> 0.2.4)
  rubysl (~> 2.0)
